GEM
  remote: https://rubygems.org/
  specs:
    coderay (1.0.8)
    colorize (0.7.3)
    dotenv (1.0.2)
    method_source (0.8.1)
    open4 (1.3.4)
    pry (0.9.10)
      coderay (~> 1.0.5)
      method_source (~> 0.8)
      slop (~> 3.3.1)
    slop (3.3.3)

PLATFORMS
  ruby

DEPENDENCIES
  colorize
  dotenv
  open4
  pry
